GEM
  remote: https://rubygems.org/
  specs:
    benchmark-ips (2.12.0)
    graphql (2.0.26)
    graphql-c_parser (1.0.5)
      graphql
    racc (1.7.1)
    tinygql (0.1.4)

PLATFORMS
  arm64-darwin-22

DEPENDENCIES
  benchmark-ips
  graphql
  graphql-c_parser
  racc
  tinygql

BUNDLED WITH
   2.5.0.dev
